GEM
  remote: https://gems.ruby-china.com/
  specs:
    bcrypt_pbkdf (1.1.0)
    bcrypt_pbkdf (1.1.0-x86-mingw32)
    ed25519 (1.3.0)
    expect (0.0.13)
      matchi (~> 0.0)
    matchi (0.1.2)
    net-scp (4.0.0)
      net-ssh (>= 2.6.5, < 8.0.0)
    net-ssh (7.1.0)
    psych (3.3.4)

PLATFORMS
  x64-mingw-ucrt
  x86-mingw32
  x86_64-linux

DEPENDENCIES
  bcrypt_pbkdf
  ed25519
  expect
  net-scp
  net-ssh
  psych (~> 3.0)

BUNDLED WITH
   2.4.8
