GEM
  remote: https://gems.ruby-china.com/
  specs:

PLATFORMS
  x64-mingw-ucrt
  x86-mingw32

DEPENDENCIES

BUNDLED WITH
   2.3.26
